GEM
  remote: http://rubygems.org/
  remote: http://10.70.16.206:9292/
  specs:
    abstract_type (0.0.7)
    activemodel (4.1.10)
      activesupport (= 4.1.10)
      builder (~> 3.1)
    activerecord (4.1.10)
      activemodel (= 4.1.10)
      activesupport (= 4.1.10)
      arel (~> 5.0.0)
    activerecord-jdbc-adapter (1.2.2)
    activesupport (4.1.10)
      i18n (~> 0.6, >= 0.6.9)
      json (~> 1.7, >= 1.7.7)
      minitest (~> 5.1)
      thread_safe (~> 0.1)
      tzinfo (~> 1.1)
    adamantium (0.2.0)
      ice_nine (~> 0.11.0)
      memoizable (~> 0.4.0)
    arel (5.0.1.20140414130214)
    ast (2.2.0)
    builder (3.2.2)
    concord (0.1.5)
      adamantium (~> 0.2.0)
      equalizer (~> 0.0.9)
    cucumber (1.3.20)
      builder (>= 2.1.2)
      diff-lcs (>= 1.1.3)
      gherkin (~> 2.12)
      multi_json (>= 1.7.5, < 2.0)
      multi_test (>= 0.1.2)
    diff-lcs (1.2.5)
    docile (1.1.5)
    domain_name (0.5.25)
      unf (>= 0.0.5, < 1.0.0)
    equalizer (0.0.11)
    excellent (2.1.1)
      hashr (>= 0.0.10)
      ruby_parser (>= 3.0)
      sexp_processor (>= 4.0)
    extlib (0.9.16)
    flay (2.6.1)
      ruby_parser (~> 3.0)
      sexp_processor (~> 4.0)
    gherkin (2.12.2-java)
      multi_json (~> 1.3)
    hashr (2.0.0)
    highline (1.7.8)
    http-cookie (1.0.2)
      domain_name (~> 0.5)
    httpclient (2.6.0.1)
    i18n (0.7.0)
    ice_nine (0.11.1)
    ijet2_db (1.0.9-java)
      activerecord (~> 4.1.0)
      activerecord-jdbc-adapter (= 1.2.2)
    ijet2_midtier (0.7.1-java)
      activerecord (<= 4.1.10)
      activerecord-jdbc-adapter (= 1.2.2)
      ijet2_db
      lock_jar
      naether
      nexus_cli
      nj_utilities (~> 0.2.6)
      nokogiri
      rspec
      rubyzip (~> 1.1.6)
      sambal
      thor
      yard
      zip (~> 2.0.2)
    json (1.8.3-java)
    jsonpath (0.5.8)
      multi_json
    lock_jar (0.14.5)
      naether (~> 0.15.0)
      thor (>= 0.18.1)
    logger (1.2.8)
    mechanize (2.7.3)
      domain_name (~> 0.5, >= 0.5.1)
      http-cookie (~> 1.0)
      mime-types (~> 2.0)
      net-http-digest_auth (~> 1.1, >= 1.1.1)
      net-http-persistent (~> 2.5, >= 2.5.2)
      nokogiri (~> 1.4)
      ntlm-http (~> 0.1, >= 0.1.1)
      webrobots (>= 0.0.9, < 0.2)
    memoizable (0.4.2)
      thread_safe (~> 0.3, >= 0.3.1)
    mime-types (2.99)
    minitest (5.8.3)
    multi_json (1.11.2)
    multi_test (0.1.2)
    naether (0.15.0-java)
      httpclient
    net-http-digest_auth (1.4)
    net-http-persistent (2.9.4)
    nexus_cli (1.0.1)
      extlib
      highline
      httpclient
      json
      jsonpath
      nokogiri
      thor
    nj_utilities (0.2.8)
      bundler
      cucumber
      excellent
      flay
      logger
      mechanize
      rake
      reek (~> 2)
      rspec
      simplecov
      yarjuf
    nokogiri (1.6.7.1-java)
    ntlm-http (0.1.1)
    parser (2.2.3.0)
      ast (>= 1.1, < 3.0)
    procto (0.0.2)
    rainbow (2.0.0)
    rake (10.4.2)
    reek (2.2.1)
      parser (~> 2.2)
      rainbow (~> 2.0)
      unparser (~> 0.2.2)
    rspec (3.4.0)
      rspec-core (~> 3.4.0)
      rspec-expectations (~> 3.4.0)
      rspec-mocks (~> 3.4.0)
    rspec-core (3.4.1)
      rspec-support (~> 3.4.0)
    rspec-expectations (3.4.0)
      diff-lcs (>= 1.2.0, < 2.0)
      rspec-support (~> 3.4.0)
    rspec-mocks (3.4.0)
      diff-lcs (>= 1.2.0, < 2.0)
      rspec-support (~> 3.4.0)
    rspec-support (3.4.1)
    ruby_parser (3.7.2)
      sexp_processor (~> 4.1)
    rubyzip (1.1.7)
    sambal (0.1.6)
    sexp_processor (4.6.0)
    simplecov (0.11.1)
      docile (~> 1.1.0)
      json (~> 1.8)
      simplecov-html (~> 0.10.0)
    simplecov-html (0.10.0)
    thor (0.19.1)
    thread_safe (0.3.5-java)
    tzinfo (1.2.2)
      thread_safe (~> 0.1)
    unf (0.1.4-java)
    unparser (0.2.4)
      abstract_type (~> 0.0.7)
      adamantium (~> 0.2.0)
      concord (~> 0.1.5)
      diff-lcs (~> 1.2.5)
      equalizer (~> 0.0.9)
      parser (~> 2.2.2)
      procto (~> 0.0.2)
    webrobots (0.1.1)
    yard (0.8.7.6)
    yarjuf (2.0.0)
      builder
      rspec (~> 3)
    zip (2.0.2)

PLATFORMS
  java

DEPENDENCIES
  activerecord
  activerecord-jdbc-adapter (= 1.2.2)
  cucumber (~> 1.3.19)
  httpclient (= 2.6.0.1)
  ijet2_midtier (= 0.7.1)!

BUNDLED WITH
   1.11.2
